GEM
  specs:
    rack (2.0.5)

PLATFORMS
  ruby

DEPENDENCIES
  rack

BUNDLED WITH
   1.16.3
