GIT
  remote: https://github.com/janbiedermann/hyper-component
  revision: 60d2525454e3fd76594248338903f0dd4ddafa33
  branch: pinata
  specs:
    hyper-component (1.0.0.lap28)
      actionview (>= 4.0.0)
      hyper-react (= 1.0.0.lap28)
      hyperloop-config (= 1.0.0.lap28)
      react-rails (>= 2.4.0, < 2.5.0)

GIT
  remote: https://github.com/janbiedermann/hyper-react
  revision: 795fb8db8df3331f69b38c2e0663be9f58deb53d
  branch: pinata
  specs:
    hyper-react (1.0.0.lap28)
      hyper-store (= 1.0.0.lap28)
      hyperloop-config (= 1.0.0.lap28)
      mini_racer (~> 0.1.15)
      opal (>= 0.11.0, < 0.12.0)
      opal-activesupport (~> 0.3.1)
      react-rails (>= 2.4.0, < 2.5.0)

GIT
  remote: https://github.com/janbiedermann/hyper-store
  revision: 62491dc100c73544ed6146b081a1e7f832e917f6
  branch: pinata
  specs:
    hyper-store (1.0.0.lap28)
      hyperloop-config (= 1.0.0.lap28)
      opal (>= 0.11.0, < 0.12.0)

GIT
  remote: https://github.com/janbiedermann/hyperloop
  revision: c01eabc8a746e9b46d8c8dc4fdefdbfde5e0f5ba
  branch: pinata
  specs:
    hyperloop (1.0.0.lap28)
      hyperloop-config (= 1.0.0.lap28)
      mini_racer (~> 0.1.15)
      opal-browser (~> 0.2.0)
      rails (>= 4.0.0)
      react-rails (>= 2.4.0, < 2.5.0)

GIT
  remote: https://github.com/janbiedermann/hyperloop-config
  revision: 4886523adb3812a90f9edae98f87c5074f33247a
  branch: pinata
  specs:
    hyperloop-config (1.0.0.lap28)
      opal (>= 0.11.0, < 0.12.0)
      opal-browser (~> 0.2.0)
      uglifier

GIT
  remote: https://github.com/janbiedermann/opal
  revision: e3fdf16e8a657f7d9f9507207848a34953dced8d
  branch: es6_import_export
  specs:
    opal (0.11.1.dev)
      ast (>= 2.3.0)
      hike (~> 1.2)
      parser (= 2.5.1.0)
      sourcemap (~> 0.1.0)

GEM
  remote: https://rubygems.org/
  specs:
    actioncable (5.2.0)
      actionpack (= 5.2.0)
      nio4r (~> 2.0)
      websocket-driver (>= 0.6.1)
    actionmailer (5.2.0)
      actionpack (= 5.2.0)
      actionview (= 5.2.0)
      activejob (= 5.2.0)
      mail (~> 2.5, >= 2.5.4)
      rails-dom-testing (~> 2.0)
    actionpack (5.2.0)
      actionview (= 5.2.0)
      activesupport (= 5.2.0)
      rack (~> 2.0)
      rack-test (>= 0.6.3)
      rails-dom-testing (~> 2.0)
      rails-html-sanitizer (~> 1.0, >= 1.0.2)
    actionview (5.2.0)
      activesupport (= 5.2.0)
      builder (~> 3.1)
      erubi (~> 1.4)
      rails-dom-testing (~> 2.0)
      rails-html-sanitizer (~> 1.0, >= 1.0.3)
    activejob (5.2.0)
      activesupport (= 5.2.0)
      globalid (>= 0.3.6)
    activemodel (5.2.0)
      activesupport (= 5.2.0)
    activerecord (5.2.0)
      activemodel (= 5.2.0)
      activesupport (= 5.2.0)
      arel (>= 9.0)
    activestorage (5.2.0)
      actionpack (= 5.2.0)
      activerecord (= 5.2.0)
      marcel (~> 0.3.1)
    activesupport (5.2.0)
      concurrent-ruby (~> 1.0, >= 1.0.2)
      i18n (>= 0.7, < 2)
      minitest (~> 5.1)
      tzinfo (~> 1.1)
    arel (9.0.0)
    ast (2.4.0)
    babel-source (5.8.35)
    babel-transpiler (0.7.0)
      babel-source (>= 4.0, < 6)
      execjs (~> 2.0)
    builder (3.2.3)
    concurrent-ruby (1.0.5)
    connection_pool (2.2.2)
    crass (1.0.4)
    erubi (1.7.1)
    eventmachine (1.2.7)
    execjs (2.7.0)
    globalid (0.4.1)
      activesupport (>= 4.2.0)
    hike (1.2.3)
    i18n (1.0.1)
      concurrent-ruby (~> 1.0)
    libv8 (6.7.288.46.1)
    loofah (2.2.2)
      crass (~> 1.0.2)
      nokogiri (>= 1.5.9)
    mail (2.7.0)
      mini_mime (>= 0.1.1)
    marcel (0.3.2)
      mimemagic (~> 0.3.2)
    method_source (0.9.0)
    mimemagic (0.3.2)
    mini_mime (1.0.0)
    mini_portile2 (2.3.0)
    mini_racer (0.1.15)
      libv8 (~> 6.3)
    minitest (5.11.3)
    nio4r (2.3.1)
    nokogiri (1.8.4)
      mini_portile2 (~> 2.3.0)
    oj (3.6.5)
    opal-activesupport (0.3.1)
      opal (>= 0.5.0, < 1.0.0)
    opal-autoloader (0.0.2)
      opal (>= 0.11.0)
    opal-browser (0.2.0)
      opal
      paggio
    opal-webpack-compile-server (0.1.9)
      eventmachine (~> 1.2.7)
      oj (~> 3.6.0)
      opal (>= 0.11.0)
    paggio (0.2.6)
    parser (2.5.1.0)
      ast (~> 2.4.0)
    puma (3.12.0)
    rack (2.0.5)
    rack-test (1.1.0)
      rack (>= 1.0, < 3)
    rails (5.2.0)
      actioncable (= 5.2.0)
      actionmailer (= 5.2.0)
      actionpack (= 5.2.0)
      actionview (= 5.2.0)
      activejob (= 5.2.0)
      activemodel (= 5.2.0)
      activerecord (= 5.2.0)
      activestorage (= 5.2.0)
      activesupport (= 5.2.0)
      bundler (>= 1.3.0)
      railties (= 5.2.0)
      sprockets-rails (>= 2.0.0)
    rails-dom-testing (2.0.3)
      activesupport (>= 4.2.0)
      nokogiri (>= 1.6)
    rails-html-sanitizer (1.0.4)
      loofah (~> 2.2, >= 2.2.2)
    railties (5.2.0)
      actionpack (= 5.2.0)
      activesupport (= 5.2.0)
      method_source
      rake (>= 0.8.7)
      thor (>= 0.18.1, < 2.0)
    rake (12.3.1)
    react-rails (2.4.6)
      babel-transpiler (>= 0.7.0)
      connection_pool
      execjs
      railties (>= 3.2)
      tilt
    sourcemap (0.1.1)
    sprockets (3.7.2)
      concurrent-ruby (~> 1.0)
      rack (> 1, < 3)
    sprockets-rails (3.2.1)
      actionpack (>= 4.0)
      activesupport (>= 4.0)
      sprockets (>= 3.0.0)
    thor (0.20.0)
    thread_safe (0.3.6)
    tilt (2.0.8)
    tzinfo (1.2.5)
      thread_safe (~> 0.1)
    uglifier (4.1.16)
      execjs (>= 0.3.0, < 3)
    websocket-driver (0.7.0)
      websocket-extensions (>= 0.1.0)
    websocket-extensions (0.1.3)

PLATFORMS
  ruby

DEPENDENCIES
  hyper-component!
  hyper-react!
  hyper-store!
  hyperloop!
  hyperloop-config!
  opal!
  opal-autoloader
  opal-webpack-compile-server
  puma
  rack
  rails
  rake

BUNDLED WITH
   1.16.3
